GIT
  remote: https://github.com/johnbintz/jasmine-headless-webkit.git
  revision: 0064595deafa9afc782cbc430aaf79531c96a247
  specs:
    jasmine-headless-webkit (0.9.0.rc1)
      coffee-script
      jasmine-core
      multi_json
      rainbow
      sprockets
      sprockets-vendor_gems

GEM
  remote: https://rubygems.org/
  specs:
    coffee-script (2.2.0)
      coffee-script-source
      execjs
    coffee-script-source (1.2.0)
    execjs (1.3.0)
      multi_json (~> 1.0)
    hike (1.2.1)
    jasmine-core (1.1.0)
    multi_json (1.1.0)
    rack (1.4.1)
    rainbow (1.1.3)
    sprockets (2.3.1)
      hike (~> 1.2)
      multi_json (~> 1.0)
      rack (~> 1.0)
      tilt (~> 1.1, != 1.3.0)
    sprockets-vendor_gems (0.1.1)
    tilt (1.3.3)

PLATFORMS
  ruby

DEPENDENCIES
  jasmine-headless-webkit!
