GIT
  remote: https://github.com/johnbintz/jasmine-headless-webkit.git
  revision: 0064595deafa9afc782cbc430aaf79531c96a247
  specs:
    jasmine-headless-webkit (0.9.0.rc1)
      coffee-script
      jasmine-core
      multi_json
      rainbow
      sprockets
      sprockets-vendor_gems

GEM
  remote: https://rubygems.org/
  specs:
    builder (3.0.0)
    capybara (1.1.2)
      mime-types (>= 1.16)
      nokogiri (>= 1.3.3)
      rack (>= 1.0.0)
      rack-test (>= 0.5.4)
      selenium-webdriver (~> 2.0)
      xpath (~> 0.1.4)
    capybara-webkit (0.11.0)
      capybara (>= 1.0.0, < 1.2)
      json
    childprocess (0.3.1)
      ffi (~> 1.0.6)
    coffee-script (2.2.0)
      coffee-script-source
      execjs
    coffee-script-source (1.2.0)
    cucumber (1.1.9)
      builder (>= 2.1.2)
      diff-lcs (>= 1.1.2)
      gherkin (~> 2.9.0)
      json (>= 1.4.6)
      term-ansicolor (>= 1.0.6)
    diff-lcs (1.1.3)
    execjs (1.3.0)
      multi_json (~> 1.0)
    ffi (1.0.11)
    gherkin (2.9.1)
      json (>= 1.4.6)
    hike (1.2.1)
    jasmine-core (1.1.0)
    json (1.6.5)
    mime-types (1.17.2)
    multi_json (1.1.0)
    nokogiri (1.5.2)
    rack (1.4.1)
    rack-test (0.6.1)
      rack (>= 1.0)
    rainbow (1.1.3)
    rspec-expectations (2.9.0)
      diff-lcs (~> 1.1.3)
    rubyzip (0.9.6.1)
    selenium-webdriver (2.20.0)
      childprocess (>= 0.2.5)
      ffi (~> 1.0)
      multi_json (~> 1.0)
      rubyzip
    sprockets (2.3.1)
      hike (~> 1.2)
      multi_json (~> 1.0)
      rack (~> 1.0)
      tilt (~> 1.1, != 1.3.0)
    sprockets-vendor_gems (0.1.1)
    term-ansicolor (1.0.7)
    tilt (1.3.3)
    xpath (0.1.4)
      nokogiri (~> 1.3)

PLATFORMS
  ruby

DEPENDENCIES
  capybara-webkit
  cucumber
  jasmine-headless-webkit!
  rspec-expectations
